GEM
  remote: https://rubygems.org/
  specs:
    rmagick (4.2.5)
    victor (0.3.3)

PLATFORMS
  arm64-darwin-20

DEPENDENCIES
  rmagick
  victor

BUNDLED WITH
   2.2.17
