GEM
  remote: https://rubygems.org/
  specs:
    chunky_png (1.4.0)
    victor (0.3.3)

PLATFORMS
  arm64-darwin-20

DEPENDENCIES
  chunky_png
  victor

BUNDLED WITH
   2.2.17
